PATH
  remote: .
  specs:
    ekylibre-samsys (0.0.1)

GEM
  remote: https://rubygems.org/
  specs:

PLATFORMS
  ruby

DEPENDENCIES
  ekylibre-samsys!

BUNDLED WITH
   1.17.3
