PATH
  remote: .
  specs:
    ekylibre-samsys (0.0.1)
      vcr
      webmock

GEM
  remote: https://rubygems.org/
  specs:
    addressable (2.7.0)
      public_suffix (>= 2.0.2, < 5.0)
    crack (0.4.4)
    hashdiff (1.0.1)
    public_suffix (4.0.6)
    vcr (6.0.0)
    webmock (3.9.5)
      addressable (>= 2.3.6)
      crack (>= 0.3.2)
      hashdiff (>= 0.4.0, < 2.0.0)

PLATFORMS
  ruby

DEPENDENCIES
  ekylibre-samsys!

BUNDLED WITH
   1.17.3
